GEM
  remote: https://rubygems.org/
  specs:
    actionmailer (3.2.11)
      actionpack (= 3.2.11)
      mail (~> 2.4.4)
    actionpack (3.2.11)
      activemodel (= 3.2.11)
      activesupport (= 3.2.11)
      builder (~> 3.0.0)
      erubis (~> 2.7.0)
      journey (~> 1.0.4)
      rack (~> 1.4.0)
      rack-cache (~> 1.2)
      rack-test (~> 0.6.1)
      sprockets (~> 2.2.1)
    active-fedora (6.0.0)
      activeresource (>= 3.0.0)
      activesupport (>= 3.0.0)
      builder (~> 3.0.0)
      deprecation
      mediashelf-loggable
      nom-xml (>= 0.5.1)
      om (~> 2.0.0)
      rdf
      rdf-rdfxml (~> 1.0.0)
      rsolr
      rubydora (~> 1.5)
    activemodel (3.2.11)
      activesupport (= 3.2.11)
      builder (~> 3.0.0)
    activerecord (3.2.11)
      activemodel (= 3.2.11)
      activesupport (= 3.2.11)
      arel (~> 3.0.2)
      tzinfo (~> 0.3.29)
    activeresource (3.2.11)
      activemodel (= 3.2.11)
      activesupport (= 3.2.11)
    activesupport (3.2.11)
      i18n (~> 0.6)
      multi_json (~> 1.0)
    addressable (2.3.3)
    arel (3.0.2)
    backports (3.3.0)
    bcrypt-ruby (3.0.1)
    better_errors (0.8.0)
      coderay (>= 1.0.0)
      erubis (>= 2.6.6)
    blacklight (4.0.1)
      bootstrap-sass (~> 2.2.0)
      kaminari (~> 0.13)
      marc (>= 0.4.3, < 1.1)
      nokogiri (~> 1.5)
      rails (~> 3.2)
      rsolr (~> 1.0.6)
      sass-rails
    block_helpers (0.3.3)
      activesupport (>= 2.0)
    bootstrap-sass (2.2.2.0)
      sass (~> 3.2)
    bootswatch-rails (0.4.0)
      railties (>= 3.1)
    builder (3.0.4)
    cancan (1.6.9)
    capybara (2.1.0)
      mime-types (>= 1.16)
      nokogiri (>= 1.3.3)
      rack (>= 1.0.0)
      rack-test (>= 0.5.4)
      xpath (~> 2.0)
    childprocess (0.3.9)
      ffi (~> 1.0, >= 1.0.11)
    client_side_validations (3.2.5)
    climate_control (0.0.3)
      activesupport (>= 3.0)
    cocaine (0.5.1)
      climate_control (>= 0.0.3, < 1.0)
    coderay (1.0.9)
    coffee-rails (3.2.2)
      coffee-script (>= 2.2.0)
      railties (~> 3.2.0)
    coffee-script (2.2.0)
      coffee-script-source
      execjs
    coffee-script-source (1.6.2)
    columnize (0.3.6)
    daemons (1.1.9)
    debugger (1.5.0)
      columnize (>= 0.3.1)
      debugger-linecache (~> 1.2.0)
      debugger-ruby_core_source (~> 1.2.0)
    debugger-linecache (1.2.0)
    debugger-ruby_core_source (1.2.0)
    deprecation (0.0.5)
      activesupport
    devise (2.1.3)
      bcrypt-ruby (~> 3.0)
      orm_adapter (~> 0.1)
      railties (~> 3.1)
      warden (~> 1.2.1)
    devise-guests (0.3.1)
      devise
    diff-lcs (1.2.2)
    dynamic_form (1.1.4)
    equivalent-xml (0.3.0)
      nokogiri (>= 1.4.3)
    erubis (2.7.0)
    eventmachine (1.0.3)
    execjs (1.4.0)
      multi_json (~> 1.0)
    factory_girl (4.2.0)
      activesupport (>= 3.0.0)
    factory_girl_rails (4.2.1)
      factory_girl (~> 4.2.0)
      railties (>= 3.0.0)
    fastercsv (1.5.5)
    ffi (1.6.0)
    hashie (2.0.3)
    hike (1.2.2)
    hooks (0.2.2)
    hydra-access-controls (6.0.0)
      active-fedora (>= 6.0.0)
      activesupport
      blacklight
      cancan
      deprecation
    hydra-core (6.0.0)
      active-fedora
      blacklight (~> 4.0)
      block_helpers
      deprecation (>= 0.0.5)
      hydra-access-controls (= 6.0.0)
      jettywrapper (>= 1.4.1)
      rails (~> 3.2.3)
    hydra-head (6.0.0)
      hydra-access-controls (= 6.0.0)
      hydra-core (= 6.0.0)
      rails (>= 3.2.6)
    i18n (0.6.4)
    jettywrapper (1.4.1)
      activesupport (>= 3.0.0)
      childprocess
      i18n
      logger
      mediashelf-loggable
    journey (1.0.4)
    jquery-rails (2.2.1)
      railties (>= 3.0, < 5.0)
      thor (>= 0.14, < 2.0)
    json (1.7.7)
    kaminari (0.14.1)
      actionpack (>= 3.0.0)
      activesupport (>= 3.0.0)
    libv8 (3.11.8.17)
    log4r (1.1.9)
    logger (1.2.8)
    macaddr (1.6.1)
      systemu (~> 2.5.0)
    mail (2.4.4)
      i18n (>= 0.4.0)
      mime-types (~> 1.16)
      treetop (~> 1.4.8)
    marc (0.5.0)
    mediashelf-loggable (0.4.9)
    mime-types (1.22)
    multi_json (1.7.2)
    net-ldap (0.2.2)
    nokogiri (1.5.9)
    nom-xml (0.5.1)
      activesupport
      i18n
      nokogiri
    om (2.0.0)
      activemodel
      activesupport
      deprecation
      mediashelf-loggable
      nokogiri (>= 1.4.2)
      solrizer (~> 3.0.0)
    omniauth (1.1.4)
      hashie (>= 1.2, < 3)
      rack
    omniauth-ldap (1.0.3)
      net-ldap (~> 0.2.2)
      omniauth (~> 1.0)
      pyu-ruby-sasl (~> 0.0.3.1)
      rubyntlm (~> 0.1.1)
    orm_adapter (0.4.0)
    paperclip (3.4.1)
      activemodel (>= 3.0.0)
      activerecord (>= 3.0.0)
      activesupport (>= 3.0.0)
      cocaine (~> 0.5.0)
      mime-types
    polyglot (0.3.3)
    pyu-ruby-sasl (0.0.3.3)
    rack (1.4.5)
    rack-cache (1.2)
      rack (>= 0.4)
    rack-ssl (1.3.3)
      rack
    rack-test (0.6.2)
      rack (>= 1.0)
    rails (3.2.11)
      actionmailer (= 3.2.11)
      actionpack (= 3.2.11)
      activerecord (= 3.2.11)
      activeresource (= 3.2.11)
      activesupport (= 3.2.11)
      bundler (~> 1.0)
      railties (= 3.2.11)
    railties (3.2.11)
      actionpack (= 3.2.11)
      activesupport (= 3.2.11)
      rack-ssl (~> 1.3.2)
      rake (>= 0.8.7)
      rdoc (~> 3.4)
      thor (>= 0.14.6, < 2.0)
    rake (10.0.4)
    rb-readline (0.4.2)
    rdf (1.0.4)
      addressable (>= 2.2)
    rdf-rdfxml (1.0.0)
      rdf (>= 1.0)
      rdf-xsd (>= 1.0)
    rdf-xsd (1.0.0)
      backports
      nokogiri (>= 1.5.0)
      rdf (>= 0.3.4)
    rdoc (3.12.2)
      json (~> 1.4)
    ref (1.0.4)
    rest-client (1.6.7)
      mime-types (>= 1.16)
    rmagick (2.13.1)
    rsolr (1.0.9)
      builder (>= 2.1.2)
    rspec-core (2.13.1)
    rspec-expectations (2.13.0)
      diff-lcs (>= 1.1.3, < 2.0)
    rspec-mocks (2.13.1)
    rspec-rails (2.13.0)
      actionpack (>= 3.0)
      activesupport (>= 3.0)
      railties (>= 3.0)
      rspec-core (~> 2.13.0)
      rspec-expectations (~> 2.13.0)
      rspec-mocks (~> 2.13.0)
    rubydora (1.6.1)
      activemodel
      activesupport
      deprecation
      equivalent-xml
      fastercsv
      hooks
      mime-types
      nokogiri
      rest-client
    rubyntlm (0.1.1)
    rubyzip (0.9.9)
    sass (3.2.7)
    sass-rails (3.2.6)
      railties (~> 3.2.0)
      sass (>= 3.1.10)
      tilt (~> 1.3)
    simplecov (0.7.1)
      multi_json (~> 1.0)
      simplecov-html (~> 0.7.1)
    simplecov-html (0.7.1)
    simplecov-rcov (0.2.3)
      simplecov (>= 0.4.1)
    solrizer (3.0.0)
      activesupport
      daemons
      mediashelf-loggable (~> 0.4.7)
      nokogiri
      stomp
      xml-simple
    sprockets (2.2.2)
      hike (~> 1.2)
      multi_json (~> 1.0)
      rack (~> 1.0)
      tilt (~> 1.1, != 1.3.0)
    sqlite3 (1.3.7)
    stomp (1.2.9)
    systemu (2.5.2)
    therubyracer (0.11.1)
      libv8 (~> 3.11.8.7)
      ref
    thin (1.5.1)
      daemons (>= 1.0.9)
      eventmachine (>= 0.12.6)
      rack (>= 1.0.0)
    thor (0.18.1)
    tilt (1.3.7)
    treetop (1.4.12)
      polyglot
      polyglot (>= 0.3.1)
    tzinfo (0.3.37)
    uglifier (2.0.1)
      execjs (>= 0.3.0)
      multi_json (~> 1.0, >= 1.0.2)
    unicode (0.4.4)
    uuid (2.3.7)
      macaddr (~> 1.0)
    warden (1.2.1)
      rack (>= 1.0)
    wicked (0.6.0)
      activesupport (>= 3.0.7)
      rails (>= 3.0.7)
    xml-simple (1.1.2)
    xpath (2.0.0)
      nokogiri (~> 1.3)

PLATFORMS
  ruby

DEPENDENCIES
  better_errors
  blacklight (~> 4.0.1)
  bootstrap-sass
  bootswatch-rails
  capybara
  client_side_validations
  coffee-rails (~> 3.2.1)
  debugger
  devise (~> 2.1.2)
  devise-guests (~> 0.3)
  dynamic_form
  equivalent-xml
  factory_girl_rails (~> 4.1)
  hydra-head (= 6.0.0)
  jettywrapper
  jquery-rails
  libv8 (~> 3.11.8)
  log4r (= 1.1.9)
  omniauth-ldap
  paperclip
  rails (= 3.2.11)
  rb-readline
  rmagick (= 2.13.1)
  rspec-rails
  rubyzip
  sass-rails (~> 3.2.3)
  simplecov
  simplecov-rcov
  sqlite3
  therubyracer (= 0.11.1)
  thin
  uglifier (>= 1.0.3)
  unicode
  uuid (>= 2.3.6)
  wicked
